GEM
  remote: https://rubygems.org/
  specs:
    json (1.8.1)
    oauth (0.4.7)
    rack (1.5.2)
    rack-protection (1.5.2)
      rack
    sinatra (1.4.4)
      rack (~> 1.4)
      rack-protection (~> 1.4)
      tilt (~> 1.3, >= 1.3.4)
    tilt (1.4.1)
    yelpster (1.2.0)
      json (>= 1.1.1)
      oauth (>= 0.4.5)

PLATFORMS
  ruby

DEPENDENCIES
  sinatra
  yelpster
